GEM
  remote: http://rubygems.org/
  specs:
    activesupport (3.0.7)
    chunky_png (1.2.0)
    compass (0.11.1)
      chunky_png (~> 1.1)
      fssm (>= 0.2.7)
      sass (~> 3.1)
    compass-960-plugin (0.10.3)
      compass (>= 0.10.0)
    fssm (0.2.7)
    haml (3.1.1)
    i18n (0.6.0)
    rack (1.3.0)
    rack-flash (0.1.1)
      rack
    sass (3.1.2)
    sinatra (1.2.6)
      rack (~> 1.1)
      tilt (>= 1.2.2, < 2.0)
    sinatra-content-for (0.2)
      sinatra
    tilt (1.3.2)

PLATFORMS
  ruby

DEPENDENCIES
  activesupport
  compass
  compass-960-plugin
  haml
  i18n
  rack-flash
  sass
  sinatra
  sinatra-content-for
